STORAGE: NONE
RESTRICTION: == net8.0
NUGET
  remote: D:\NuGet\packages-test
    Aardvark.Application (5.5.0-prerelease0003)
      Aardvark.Base.Essentials (>= 5.3.0-prerelease0007 < 5.4.0-prerelease)
      Aardvark.Base.Incremental (>= 5.3.0-prerelease0007 < 5.4.0-prerelease)
      Aardvark.Rendering (5.5.0-prerelease0003)
      FShade.Core (>= 5.6.0-prerelease0001 < 5.7.0-prerelease)
      FShade.GLSL (>= 5.6.0-prerelease0001)
      FSharp.Core (>= 8.0)
    Aardvark.Application.Slim (5.5.0-prerelease0003)
      Aardvark.Application (5.5.0-prerelease0003)
      Aardvark.Base.Essentials (>= 5.3.0-prerelease0007 < 5.4.0-prerelease)
      Aardvark.Base.Incremental (>= 5.3.0-prerelease0007 < 5.4.0-prerelease)
      Aardvark.Rendering (5.5.0-prerelease0003)
      FShade (>= 5.6.0-prerelease0001 < 5.7.0-prerelease)
      FSharp.Core (>= 8.0)
      Silk.NET.GLFW (2.15)
      Unofficial.OpenTK (>= 3.0.21 < 3.1)
    Aardvark.Application.Slim.GL (5.5.0-prerelease0003)
      Aardvark.Application (5.5.0-prerelease0003)
      Aardvark.Application.Slim (5.5.0-prerelease0003)
      Aardvark.Base.Essentials (>= 5.3.0-prerelease0007 < 5.4.0-prerelease)
      Aardvark.Base.Incremental (>= 5.3.0-prerelease0007 < 5.4.0-prerelease)
      Aardvark.Base.Tensors (>= 5.3.0-prerelease0007 < 5.4.0-prerelease)
      Aardvark.Rendering (5.5.0-prerelease0003)
      Aardvark.Rendering.GL (5.5.0-prerelease0003)
      FShade (>= 5.6.0-prerelease0001 < 5.7.0-prerelease)
      FSharp.Core (>= 8.0)
      Silk.NET.Core (2.15)
      Silk.NET.GLFW (2.15)
      Unofficial.OpenTK (>= 3.0.21 < 3.1)
    Aardvark.Application.Slim.Vulkan (5.5.0-prerelease0003)
      Aardvark.Application (5.5.0-prerelease0003)
      Aardvark.Application.Slim (5.5.0-prerelease0003)
      Aardvark.Base.Essentials (>= 5.3.0-prerelease0007 < 5.4.0-prerelease)
      Aardvark.Base.Incremental (>= 5.3.0-prerelease0007 < 5.4.0-prerelease)
      Aardvark.Rendering (5.5.0-prerelease0003)
      Aardvark.Rendering.Vulkan (5.5.0-prerelease0003)
      FShade (>= 5.6.0-prerelease0001 < 5.7.0-prerelease)
      FSharp.Core (>= 8.0)
      GLSLangSharp (>= 0.4.14 < 0.5)
      Silk.NET.GLFW (2.15)
      Unofficial.OpenTK (>= 3.0.21 < 3.1)
    Aardvark.Base (5.3.0-prerelease0007)
      Aardvark.Base.Telemetry (5.3.0-prerelease0007)
      System.Collections.Immutable (>= 8.0)
      System.Reflection.Metadata (>= 8.0)
      System.Text.Json (>= 8.0.4)
    Aardvark.Base.Essentials (5.3.0-prerelease0007)
      Aardvark.Base (5.3.0-prerelease0007)
      System.Collections.Immutable (>= 8.0)
    Aardvark.Base.Fonts (5.3.0-prerelease0007)
      Aardvark.Base.FSharp (5.3.0-prerelease0007)
      FSharp.Core (>= 8.0)
      FuzzySharp (>= 2.0.2 < 2.1)
      Unofficial.LibTessDotNet (>= 2.0.2 < 2.1)
      Unofficial.Typography (>= 0.1 < 0.2)
    Aardvark.Base.FSharp (5.3.0-prerelease0007)
      Aardvark.Base (5.3.0-prerelease0007)
      Aardvark.Base.TypeProviders (>= 4.5.15 < 4.6)
      FSharp.Core (>= 8.0)
      FSharp.Data.Adaptive (>= 1.2 < 1.3)
      FsPickler (>= 5.3.2 < 5.4)
      System.Dynamic.Runtime (>= 4.3 < 4.4)
    Aardvark.Base.Incremental (5.3.0-prerelease0007)
      Aardvark.Base (5.3.0-prerelease0007)
      Aardvark.Base.FSharp (5.3.0-prerelease0007)
      Aardvark.Base.TypeProviders (>= 4.5.15 < 4.6)
      FSharp.Core (>= 8.0)
      FSharp.Data.Adaptive (>= 1.2 < 1.3)
      FsPickler (>= 5.3.2 < 5.4)
    Aardvark.Base.Telemetry (5.3.0-prerelease0007)
    Aardvark.Base.Tensors (5.3.0-prerelease0007)
      Aardvark.Base (5.3.0-prerelease0007)
      Aardvark.Base.FSharp (5.3.0-prerelease0007)
      FSharp.Core (>= 8.0)
    Aardvark.FontProvider (0.1.0-prerelease0002)
      Aardvark.Base.Fonts (>= 5.3.0-prerelease0006)
      FSharp.Core (>= 8.0.100)
    Aardvark.Geometry (5.3.0-prerelease0007)
      Aardvark.Base (5.3.0-prerelease0007)
      Aardvark.Base.FSharp (5.3.0-prerelease0007)
      Aardvark.Base.Tensors (5.3.0-prerelease0007)
      Aardvark.Base.TypeProviders (>= 4.5.15 < 4.6)
      FSharp.Core (>= 8.0)
      FSharp.Data.Adaptive (>= 1.2 < 1.3)
      FsPickler (>= 5.3.2 < 5.4)
      Unofficial.LibTessDotNet (>= 2.0.2 < 2.1)
    Aardvark.Rendering (5.5.0-prerelease0003)
      Aardvark.Base.Essentials (>= 5.3.0-prerelease0007 < 5.4.0-prerelease)
      Aardvark.Base.Incremental (>= 5.3.0-prerelease0007 < 5.4.0-prerelease)
      Aardvark.Base.Tensors (>= 5.3.0-prerelease0007 < 5.4.0-prerelease)
      Aardvark.Rendering.Common (5.5.0-prerelease0003)
      FShade.Core (>= 5.6.0-prerelease0001 < 5.7.0-prerelease)
      FShade.GLSL (>= 5.6.0-prerelease0001)
      FSharp.Core (>= 8.0)
      FSharp.Data.Adaptive (>= 1.2.13 < 1.3)
    Aardvark.Rendering.Common (5.5.0-prerelease0003)
      Aardvark.Base (>= 5.3.0-prerelease0007)
      FSharp.Core (>= 8.0)
      System.Reflection.Emit.Lightweight (>= 4.7)
    Aardvark.Rendering.GL (5.5.0-prerelease0003)
      Aardvark.Assembler (>= 0.1.0-prerelease0001 < 0.2.0-prerelease)
      Aardvark.Base.Essentials (>= 5.3.0-prerelease0007 < 5.4.0-prerelease)
      Aardvark.Base.Incremental (>= 5.3.0-prerelease0007 < 5.4.0-prerelease)
      Aardvark.Base.Tensors (>= 5.3.0-prerelease0007 < 5.4.0-prerelease)
      Aardvark.Geometry (>= 5.3.0-prerelease0007 < 5.4.0-prerelease)
      Aardvark.Rendering (5.5.0-prerelease0003)
      FShade (>= 5.6.0-prerelease0001 < 5.7.0-prerelease)
      FSharp.Core (>= 8.0)
      Unofficial.OpenTK (>= 3.0.21 < 3.1)
    Aardvark.Rendering.Text (5.5.0-prerelease0003)
      Aardvark.FontProvider (>= 0.1.0-prerelease0002 < 0.2.0-prerelease)
      Aardvark.Rendering (5.5.0-prerelease0003)
      Aardvark.SceneGraph (5.5.0-prerelease0003)
      CommonMark.NET (>= 0.15.1 < 0.16)
      FSharp.Core (>= 8.0)
    Aardvark.Rendering.Vulkan (5.5.0-prerelease0003)
      Aardvark.Base.FSharp (>= 5.3.0-prerelease0007 < 5.4.0-prerelease)
      Aardvark.Base.Incremental (>= 5.3.0-prerelease0007 < 5.4.0-prerelease)
      Aardvark.Base.Tensors (>= 5.3.0-prerelease0007 < 5.4.0-prerelease)
      Aardvark.Rendering (5.5.0-prerelease0003)
      FShade (>= 5.6.0-prerelease0001 < 5.7.0-prerelease)
      FSharp.Core (>= 8.0)
      GLSLangSharp (>= 0.4.14 < 0.5)
    Aardvark.SceneGraph (5.5.0-prerelease0003)
      Aardvark.Base.Incremental (>= 5.3.0-prerelease0007 < 5.4.0-prerelease)
      Aardvark.Rendering (5.5.0-prerelease0003)
      FShade.Core (>= 5.6.0-prerelease0001 < 5.7.0-prerelease)
      FShade.GLSL (>= 5.6.0-prerelease0001)
      FSharp.Core (>= 8.0)
  remote: https://api.nuget.org/v3/index.json
    Aardvark.Assembler (0.1.0-prerelease0001)
      Aardvark.Base.FSharp (>= 5.3.0-prerelease0002)
      FSharp.Core (>= 8.0)
      FSharp.Data.Adaptive (>= 1.2.13 < 1.3)
    Aardvark.Base.TypeProviders (4.5.15)
      FSharp.Core (>= 4.2.3)
    Aardvark.Build (1.0.25)
    Adaptify.Core (1.1.13)
      FSharp.Data.Adaptive (>= 1.2.13 < 1.3)
    Adaptify.MSBuild (1.1.13)
      Adaptify.Core (1.1.13)
    CommonMark.NET (0.15.1)
    FShade (5.6.0-prerelease0001)
      FShade.Core (5.6.0-prerelease0001)
      FShade.GLSL (5.6.0-prerelease0001)
      FShade.Imperative (5.6.0-prerelease0001)
      FShade.SpirV (5.6.0-prerelease0001)
    FShade.Core (5.6.0-prerelease0001)
      Aardvark.Base (>= 5.3.0-prerelease0001 < 5.4.0-prerelease)
      Aardvark.Base.FSharp (>= 5.3.0-prerelease0001 < 5.4.0-prerelease)
      FShade.Imperative (5.6.0-prerelease0001)
      FSharp.Core (>= 8.0)
    FShade.GLSL (5.6.0-prerelease0001)
      Aardvark.Base (>= 5.3.0-prerelease0001 < 5.4.0-prerelease)
      Aardvark.Base.FSharp (>= 5.3.0-prerelease0001 < 5.4.0-prerelease)
      FShade.Core (5.6.0-prerelease0001)
      FShade.Imperative (5.6.0-prerelease0001)
      FSharp.Core (>= 8.0)
    FShade.Imperative (5.6.0-prerelease0001)
      Aardvark.Base (>= 5.3.0-prerelease0001 < 5.4.0-prerelease)
      Aardvark.Base.FSharp (>= 5.3.0-prerelease0001 < 5.4.0-prerelease)
      FSharp.Core (>= 8.0)
      FsPickler (>= 5.3.2 < 5.4)
    FShade.SpirV (5.6.0-prerelease0001)
      Aardvark.Base (>= 5.3.0-prerelease0001 < 5.4.0-prerelease)
      Aardvark.Base.FSharp (>= 5.3.0-prerelease0001 < 5.4.0-prerelease)
      FShade.Core (5.6.0-prerelease0001)
      FShade.Imperative (5.6.0-prerelease0001)
      FSharp.Core (>= 8.0)
    FSharp.Core (8.0.100)
    FSharp.Data.Adaptive (1.2.13)
      FSharp.Core (>= 4.7)
      System.Reflection.Emit.Lightweight (>= 4.6)
    FsPickler (5.3.2)
      FSharp.Core (>= 4.3.2)
      System.Reflection.Emit.Lightweight (>= 4.3)
    FuzzySharp (2.0.2)
    Giraffe (6.0)
      FSharp.Core (>= 6.0.1)
      Giraffe.ViewEngine (>= 1.3)
      Microsoft.IO.RecyclableMemoryStream (>= 2.2)
      Newtonsoft.Json (>= 13.0.1)
      System.Text.Json (>= 6.0.2)
      Utf8Json (>= 1.3.7)
    Giraffe.ViewEngine (1.4)
      FSharp.Core (>= 5.0)
    GLSLangSharp (0.4.14)
      FSharp.Core (>= 5.0)
    Microsoft.CSharp (4.7)
    Microsoft.DotNet.PlatformAbstractions (3.1.6)
    Microsoft.Extensions.DependencyModel (6.0)
      System.Buffers (>= 4.5.1)
      System.Memory (>= 4.5.4)
      System.Runtime.CompilerServices.Unsafe (>= 6.0)
      System.Text.Encodings.Web (>= 6.0)
      System.Text.Json (>= 6.0)
    Microsoft.IO.RecyclableMemoryStream (2.2)
    Microsoft.NETCore.Platforms (6.0.2)
    Microsoft.NETCore.Targets (5.0)
    Newtonsoft.Json (13.0.1)
    Silk.NET.Core (2.15)
      Microsoft.CSharp (>= 4.7)
      Microsoft.DotNet.PlatformAbstractions (>= 3.1.6)
      Microsoft.Extensions.DependencyModel (>= 5.0)
      System.Memory (>= 4.5.4)
      System.Numerics.Vectors (>= 4.5)
      System.Runtime.CompilerServices.Unsafe (>= 6.0)
    Silk.NET.GLFW (2.15)
      Silk.NET.Core (>= 2.15)
      Ultz.Native.GLFW (>= 3.3.3.1)
    System.Buffers (4.5.1)
    System.Collections (4.3)
      Microsoft.NETCore.Platforms (>= 1.1)
      Microsoft.NETCore.Targets (>= 1.1)
      System.Runtime (>= 4.3)
    System.Collections.Immutable (8.0)
    System.Diagnostics.Debug (4.3)
      Microsoft.NETCore.Platforms (>= 1.1)
      Microsoft.NETCore.Targets (>= 1.1)
      System.Runtime (>= 4.3)
    System.Dynamic.Runtime (4.3)
      System.Collections (>= 4.3)
      System.Diagnostics.Debug (>= 4.3)
      System.Linq (>= 4.3)
      System.Linq.Expressions (>= 4.3)
      System.ObjectModel (>= 4.3)
      System.Reflection (>= 4.3)
      System.Reflection.Emit (>= 4.3)
      System.Reflection.Emit.ILGeneration (>= 4.3)
      System.Reflection.Primitives (>= 4.3)
      System.Reflection.TypeExtensions (>= 4.3)
      System.Resources.ResourceManager (>= 4.3)
      System.Runtime (>= 4.3)
      System.Runtime.Extensions (>= 4.3)
      System.Threading (>= 4.3)
    System.Globalization (4.3)
      Microsoft.NETCore.Platforms (>= 1.1)
      Microsoft.NETCore.Targets (>= 1.1)
      System.Runtime (>= 4.3)
    System.IO (4.3)
      Microsoft.NETCore.Platforms (>= 1.1)
      Microsoft.NETCore.Targets (>= 1.1)
      System.Runtime (>= 4.3)
      System.Text.Encoding (>= 4.3)
      System.Threading.Tasks (>= 4.3)
    System.Linq (4.3)
      System.Collections (>= 4.3)
      System.Diagnostics.Debug (>= 4.3)
      System.Resources.ResourceManager (>= 4.3)
      System.Runtime (>= 4.3)
      System.Runtime.Extensions (>= 4.3)
    System.Linq.Expressions (4.3)
      System.Collections (>= 4.3)
      System.Diagnostics.Debug (>= 4.3)
      System.Globalization (>= 4.3)
      System.IO (>= 4.3)
      System.Linq (>= 4.3)
      System.ObjectModel (>= 4.3)
      System.Reflection (>= 4.3)
      System.Reflection.Emit (>= 4.3)
      System.Reflection.Emit.ILGeneration (>= 4.3)
      System.Reflection.Emit.Lightweight (>= 4.3)
      System.Reflection.Extensions (>= 4.3)
      System.Reflection.Primitives (>= 4.3)
      System.Reflection.TypeExtensions (>= 4.3)
      System.Resources.ResourceManager (>= 4.3)
      System.Runtime (>= 4.3)
      System.Runtime.Extensions (>= 4.3)
      System.Threading (>= 4.3)
    System.Memory (4.5.4)
    System.Numerics.Vectors (4.5)
    System.ObjectModel (4.3)
      System.Collections (>= 4.3)
      System.Diagnostics.Debug (>= 4.3)
      System.Resources.ResourceManager (>= 4.3)
      System.Runtime (>= 4.3)
      System.Threading (>= 4.3)
    System.Reflection (4.3)
      Microsoft.NETCore.Platforms (>= 1.1)
      Microsoft.NETCore.Targets (>= 1.1)
      System.IO (>= 4.3)
      System.Reflection.Primitives (>= 4.3)
      System.Runtime (>= 4.3)
    System.Reflection.Emit (4.7)
    System.Reflection.Emit.ILGeneration (4.7)
    System.Reflection.Emit.Lightweight (4.7)
    System.Reflection.Extensions (4.3)
      Microsoft.NETCore.Platforms (>= 1.1)
      Microsoft.NETCore.Targets (>= 1.1)
      System.Reflection (>= 4.3)
      System.Runtime (>= 4.3)
    System.Reflection.Metadata (8.0)
      System.Collections.Immutable (>= 8.0)
    System.Reflection.Primitives (4.3)
      Microsoft.NETCore.Platforms (>= 1.1)
      Microsoft.NETCore.Targets (>= 1.1)
      System.Runtime (>= 4.3)
    System.Reflection.TypeExtensions (4.7)
    System.Resources.ResourceManager (4.3)
      Microsoft.NETCore.Platforms (>= 1.1)
      Microsoft.NETCore.Targets (>= 1.1)
      System.Globalization (>= 4.3)
      System.Reflection (>= 4.3)
      System.Runtime (>= 4.3)
    System.Runtime (4.3.1)
      Microsoft.NETCore.Platforms (>= 1.1.1)
      Microsoft.NETCore.Targets (>= 1.1.3)
    System.Runtime.CompilerServices.Unsafe (6.0)
    System.Runtime.Extensions (4.3.1)
      Microsoft.NETCore.Platforms (>= 1.1.1)
      Microsoft.NETCore.Targets (>= 1.1.3)
      System.Runtime (>= 4.3.1)
    System.Text.Encoding (4.3)
      Microsoft.NETCore.Platforms (>= 1.1)
      Microsoft.NETCore.Targets (>= 1.1)
      System.Runtime (>= 4.3)
    System.Text.Encodings.Web (8.0)
    System.Text.Json (8.0.4)
      System.Text.Encodings.Web (>= 8.0)
    System.Threading (4.3)
      System.Runtime (>= 4.3)
      System.Threading.Tasks (>= 4.3)
    System.Threading.Tasks (4.3)
      Microsoft.NETCore.Platforms (>= 1.1)
      Microsoft.NETCore.Targets (>= 1.1)
      System.Runtime (>= 4.3)
    System.Threading.Tasks.Extensions (4.5.4)
    System.ValueTuple (4.5)
    Ultz.Native.GLFW (3.3.3.1)
    Unofficial.LibTessDotNet (2.0.2)
    Unofficial.OpenTK (3.0.21)
    Unofficial.Typography (0.1)
      System.Numerics.Vectors (>= 4.5)
    Utf8Json (1.3.7)
      System.Reflection.Emit (>= 4.3)
      System.Reflection.Emit.Lightweight (>= 4.3)
      System.Threading.Tasks.Extensions (>= 4.4)
      System.ValueTuple (>= 4.4)
